GEM
  remote: https://rubygems.org/
  specs:
    activesupport (8.0.2)
      base64
      benchmark (>= 0.3)
      bigdecimal
      concurrent-ruby (~> 1.0, >= 1.3.1)
      connection_pool (>= 2.2.5)
      drb
      i18n (>= 1.6, < 2)
      logger (>= 1.4.2)
      minitest (>= 5.1)
      securerandom (>= 0.3)
      tzinfo (~> 2.0, >= 2.0.5)
      uri (>= 0.13.1)
    addressable (2.8.7)
      public_suffix (>= 2.0.2, < 7.0)
    ast (2.4.3)
    base64 (0.3.0)
    bcrypt (3.1.20)
    benchmark (0.4.1)
    better_errors (2.10.1)
      erubi (>= 1.0.0)
      rack (>= 0.9.0)
      rouge (>= 1.0.0)
    bigdecimal (3.2.2)
    binding_of_caller (1.0.1)
      debug_inspector (>= 1.2.0)
    capybara (3.40.0)
      addressable
      matrix
      mini_mime (>= 0.1.3)
      nokogiri (~> 1.11)
      rack (>= 1.6.0)
      rack-test (>= 0.6.3)
      regexp_parser (>= 1.5, < 3.0)
      xpath (~> 3.2)
    coderay (1.1.3)
    concurrent-ruby (1.3.5)
    connection_pool (2.5.3)
    database_cleaner-core (2.0.1)
    database_cleaner-sequel (2.0.2)
      database_cleaner-core (~> 2.0.0)
      sequel
    date (3.4.1)
    debug (1.10.0)
      irb (~> 1.10)
      reline (>= 0.3.8)
    debug_inspector (1.2.0)
    declarative (0.0.20)
    diff-lcs (1.6.2)
    digest-xxhash (0.2.9)
    dotenv (3.1.8)
    drb (2.2.3)
    dry-auto_inject (1.1.0)
      dry-core (~> 1.1)
      zeitwerk (~> 2.6)
    dry-cli (1.2.0)
    dry-configurable (1.3.0)
      dry-core (~> 1.1)
      zeitwerk (~> 2.6)
    dry-core (1.1.0)
      concurrent-ruby (~> 1.0)
      logger
      zeitwerk (~> 2.6)
    dry-events (1.1.0)
      concurrent-ruby (~> 1.0)
      dry-core (~> 1.1)
    dry-files (1.1.0)
    dry-inflector (1.2.0)
    dry-initializer (3.2.0)
    dry-logger (1.1.0)
    dry-logic (1.6.0)
      bigdecimal
      concurrent-ruby (~> 1.0)
      dry-core (~> 1.1)
      zeitwerk (~> 2.6)
    dry-monads (1.8.3)
      concurrent-ruby (~> 1.0)
      dry-core (~> 1.1)
      zeitwerk (~> 2.6)
    dry-monitor (1.0.1)
      dry-configurable (~> 1.0, < 2)
      dry-core (~> 1.0, < 2)
      dry-events (~> 1.0, < 2)
    dry-operation (1.0.0)
      dry-monads (~> 1.6)
      zeitwerk (~> 2.6)
    dry-schema (1.14.1)
      concurrent-ruby (~> 1.0)
      dry-configurable (~> 1.0, >= 1.0.1)
      dry-core (~> 1.1)
      dry-initializer (~> 3.2)
      dry-logic (~> 1.5)
      dry-types (~> 1.8)
      zeitwerk (~> 2.6)
    dry-struct (1.8.0)
      dry-core (~> 1.1)
      dry-types (~> 1.8, >= 1.8.2)
      ice_nine (~> 0.11)
      zeitwerk (~> 2.6)
    dry-system (1.2.2)
      dry-auto_inject (~> 1.1)
      dry-configurable (~> 1.3)
      dry-core (~> 1.1)
      dry-inflector (~> 1.1)
    dry-transformer (1.0.1)
      zeitwerk (~> 2.6)
    dry-types (1.8.3)
      bigdecimal (~> 3.0)
      concurrent-ruby (~> 1.0)
      dry-core (~> 1.0)
      dry-inflector (~> 1.0)
      dry-logic (~> 1.4)
      zeitwerk (~> 2.6)
    dry-validation (1.11.1)
      concurrent-ruby (~> 1.0)
      dry-core (~> 1.1)
      dry-initializer (~> 3.2)
      dry-schema (~> 1.14)
      zeitwerk (~> 2.6)
    erb (5.0.1)
    erubi (1.13.1)
    faker (3.5.1)
      i18n (>= 1.8.11, < 2)
    faraday (2.13.1)
      faraday-net_http (>= 2.0, < 3.5)
      json
      logger
    faraday-net_http (3.4.0)
      net-http (>= 0.5.0)
    ffi (1.17.2-x86_64-linux-gnu)
    formatador (1.1.0)
    google-apis-admin_directory_v1 (0.66.0)
      google-apis-core (>= 0.15.0, < 2.a)
    google-apis-core (0.18.0)
      addressable (~> 2.5, >= 2.5.1)
      googleauth (~> 1.9)
      httpclient (>= 2.8.3, < 3.a)
      mini_mime (~> 1.0)
      mutex_m
      representable (~> 3.0)
      retriable (>= 2.0, < 4.a)
    google-cloud-env (2.3.1)
      base64 (~> 0.2)
      faraday (>= 1.0, < 3.a)
    google-logging-utils (0.2.0)
    googleauth (1.14.0)
      faraday (>= 1.0, < 3.a)
      google-cloud-env (~> 2.2)
      google-logging-utils (~> 0.1)
      jwt (>= 1.4, < 3.0)
      multi_json (~> 1.11)
      os (>= 0.9, < 2.0)
      signet (>= 0.16, < 2.a)
    guard (2.19.1)
      formatador (>= 0.2.4)
      listen (>= 2.7, < 4.0)
      logger (~> 1.6)
      lumberjack (>= 1.0.12, < 2.0)
      nenv (~> 0.1)
      notiffany (~> 0.0)
      ostruct (~> 0.6)
      pry (>= 0.13.0)
      shellany (~> 0.0)
      thor (>= 0.18.1)
    guard-compat (1.2.1)
    guard-puma (0.8.1)
      guard (~> 2.14)
      guard-compat (~> 1.2)
      puma (>= 4.0, < 7)
    hanami (2.2.1)
      bundler (>= 1.16, < 3)
      dry-configurable (~> 1.0, >= 1.2.0, < 2)
      dry-core (~> 1.0, < 2)
      dry-inflector (~> 1.0, >= 1.1.0, < 2)
      dry-logger (~> 1.0, < 2)
      dry-monitor (~> 1.0, >= 1.0.1, < 2)
      dry-system (~> 1.1)
      hanami-cli (~> 2.2.1)
      hanami-utils (~> 2.2)
      json (>= 2.7.2)
      zeitwerk (~> 2.6)
    hanami-assets (2.2.0)
      zeitwerk (~> 2.6)
    hanami-cli (2.2.1)
      bundler (~> 2.1)
      dry-cli (~> 1.0, >= 1.1.0)
      dry-files (~> 1.0, >= 1.0.2, < 2)
      dry-inflector (~> 1.0, < 2)
      rake (~> 13.0)
      zeitwerk (~> 2.6)
    hanami-controller (2.2.0)
      dry-configurable (~> 1.0, < 2)
      dry-core (~> 1.0)
      hanami-utils (~> 2.2)
      rack (~> 2.0)
      zeitwerk (~> 2.6)
    hanami-db (2.2.1)
      rom (~> 5.4, >= 5.4.1)
      rom-sql (~> 3.7)
      zeitwerk (~> 2.6)
    hanami-reloader (2.2.0)
      guard (~> 2.19)
      guard-puma (~> 0.8)
      hanami-cli (~> 2.2)
      zeitwerk (~> 2.6)
    hanami-router (2.2.0)
      mustermann (~> 3.0)
      mustermann-contrib (~> 3.0)
      rack (~> 2.0)
    hanami-rspec (2.2.1)
      hanami-cli (~> 2.2)
      rake (~> 13.0)
      rspec (~> 3.12)
      zeitwerk (~> 2.6)
    hanami-utils (2.2.0)
      concurrent-ruby (~> 1.0)
      dry-core (~> 1.0, < 2)
      dry-transformer (~> 1.0, < 2)
    hanami-validations (2.2.0)
      dry-validation (>= 1.10, < 2)
    hanami-view (2.2.1)
      dry-configurable (~> 1.0)
      dry-core (~> 1.0)
      dry-inflector (~> 1.0, < 2)
      temple (~> 0.10.0, >= 0.10.2)
      tilt (~> 2.3)
      zeitwerk (~> 2.6)
    hanami-webconsole (2.2.0)
      better_errors (~> 2.10, >= 2.10.1)
      binding_of_caller (~> 1.0)
    hansi (0.2.1)
    hiredis (0.6.3)
    httpclient (2.9.0)
      mutex_m
    i18n (1.14.7)
      concurrent-ruby (~> 1.0)
    ice_nine (0.11.2)
    io-console (0.8.0)
    irb (1.15.2)
      pp (>= 0.6.0)
      rdoc (>= 4.0.0)
      reline (>= 0.4.2)
    json (2.12.2)
    jwt (2.10.1)
      base64
    kramdown (2.5.1)
      rexml (>= 3.3.9)
    kramdown-parser-gfm (1.1.0)
      kramdown (~> 2.0)
    language_server-protocol (3.17.0.5)
    lint_roller (1.1.0)
    listen (3.9.0)
      rb-fsevent (~> 0.10, >= 0.10.3)
      rb-inotify (~> 0.9, >= 0.9.10)
    logger (1.7.0)
    lumberjack (1.2.10)
    matrix (0.4.2)
    method_source (1.1.0)
    mini_mime (1.1.5)
    minitest (5.25.5)
    multi_json (1.15.0)
    mustermann (3.0.3)
      ruby2_keywords (~> 0.0.1)
    mustermann-contrib (3.0.3)
      hansi (~> 0.2.0)
      mustermann (= 3.0.3)
    mutex_m (0.3.0)
    nenv (0.3.0)
    net-http (0.6.0)
      uri
    net-ldap (0.19.0)
    nio4r (2.7.4)
    nokogiri (1.18.8-x86_64-linux-gnu)
      racc (~> 1.4)
    notiffany (0.1.3)
      nenv (~> 0.1)
      shellany (~> 0.0)
    os (1.1.4)
    ostruct (0.6.1)
    parallel (1.27.0)
    parser (3.3.8.0)
      ast (~> 2.4.1)
      racc
    pg (1.5.9)
    pp (0.6.2)
      prettyprint
    prettyprint (0.2.0)
    prism (1.4.0)
    pry (0.15.2)
      coderay (~> 1.1)
      method_source (~> 1.0)
    psych (5.2.6)
      date
      stringio
    public_suffix (6.0.2)
    puma (6.6.0)
      nio4r (~> 2.0)
    racc (1.8.1)
    rack (2.2.17)
    rack-session (1.0.2)
      rack (< 3)
    rack-test (2.2.0)
      rack (>= 1.3)
    rainbow (3.1.1)
    rake (13.3.0)
    rb-fsevent (0.11.2)
    rb-inotify (0.11.1)
      ffi (~> 1.0)
    rbs (3.9.4)
      logger
    rdoc (6.14.0)
      erb
      psych (>= 4.0.0)
    redis (5.4.0)
      redis-client (>= 0.22.0)
    redis-client (0.24.0)
      connection_pool
    redis-rack (3.0.0)
      rack-session (>= 0.2.0)
      redis-store (>= 1.2, < 2)
    redis-store (1.11.0)
      redis (>= 4, < 6)
    regexp_parser (2.10.0)
    reline (0.6.1)
      io-console (~> 0.5)
    representable (3.2.0)
      declarative (< 0.1.0)
      trailblazer-option (>= 0.1.1, < 0.2.0)
      uber (< 0.2.0)
    retriable (3.1.2)
    rexml (3.4.1)
    rom (5.4.2)
      rom-changeset (~> 5.4)
      rom-core (~> 5.4)
      rom-repository (~> 5.4, >= 5.4.2)
    rom-changeset (5.4.0)
      dry-core (~> 1.0)
      rom-core (~> 5.4)
      transproc (~> 1.1)
    rom-core (5.4.0)
      concurrent-ruby (~> 1.1)
      dry-configurable (~> 1.0)
      dry-core (~> 1.0)
      dry-inflector (~> 1.0)
      dry-initializer (~> 3.2)
      dry-struct (~> 1.0)
      dry-types (~> 1.6)
      transproc (~> 1.1)
    rom-factory (0.13.0)
      dry-configurable (~> 1.3)
      dry-core (~> 1.1)
      dry-struct (~> 1.7)
      faker (>= 2.0, < 4)
      rom-core (~> 5.4)
    rom-repository (5.4.2)
      dry-core (~> 1.0)
      dry-initializer (~> 3.2)
      rom-core (~> 5.4)
    rom-sql (3.7.0)
      dry-core (~> 1.1)
      dry-types (~> 1.8)
      rom (~> 5.4)
      sequel (>= 4.49)
    rouge (4.5.2)
    rspec (3.13.1)
      rspec-core (~> 3.13.0)
      rspec-expectations (~> 3.13.0)
      rspec-mocks (~> 3.13.0)
    rspec-core (3.13.4)
      rspec-support (~> 3.13.0)
    rspec-expectations (3.13.5)
      diff-lcs (>= 1.2.0, < 2.0)
      rspec-support (~> 3.13.0)
    rspec-mocks (3.13.5)
      diff-lcs (>= 1.2.0, < 2.0)
      rspec-support (~> 3.13.0)
    rspec-support (3.13.4)
    rubocop (1.76.1)
      json (~> 2.3)
      language_server-protocol (~> 3.17.0.2)
      lint_roller (~> 1.1.0)
      parallel (~> 1.10)
      parser (>= 3.3.0.2)
      rainbow (>= 2.2.2, < 4.0)
      regexp_parser (>= 2.9.3, < 3.0)
      rubocop-ast (>= 1.45.0, < 2.0)
      ruby-progressbar (~> 1.7)
      unicode-display_width (>= 2.4.0, < 4.0)
    rubocop-ast (1.45.1)
      parser (>= 3.3.7.2)
      prism (~> 1.4)
    rubocop-capybara (2.22.1)
      lint_roller (~> 1.1)
      rubocop (~> 1.72, >= 1.72.1)
    rubocop-rake (0.7.1)
      lint_roller (~> 1.1)
      rubocop (>= 1.72.1)
    rubocop-rspec (3.6.0)
      lint_roller (~> 1.1)
      rubocop (~> 1.72, >= 1.72.1)
    ruby-lsp (0.24.1)
      language_server-protocol (~> 3.17.0)
      prism (>= 1.2, < 2.0)
      rbs (>= 3, < 5)
      sorbet-runtime (>= 0.5.10782)
    ruby-lsp-rspec (0.1.25)
      ruby-lsp (~> 0.24.0)
    ruby-progressbar (1.13.0)
    ruby2_keywords (0.0.5)
    securerandom (0.4.1)
    sequel (5.93.0)
      bigdecimal
    shellany (0.0.1)
    signet (0.20.0)
      addressable (~> 2.8)
      faraday (>= 0.17.5, < 3.a)
      jwt (>= 1.5, < 3.0)
      multi_json (~> 1.10)
    slim (5.2.1)
      temple (~> 0.10.0)
      tilt (>= 2.1.0)
    smbhash (1.1.0)
    sorbet-runtime (0.5.12167)
    stringio (3.1.7)
    temple (0.10.3)
    thor (1.4.0)
    tilt (2.6.0)
    trailblazer-option (0.1.2)
    transproc (1.1.1)
    tzinfo (2.0.6)
      concurrent-ruby (~> 1.0)
    uber (0.1.0)
    unicode-display_width (3.1.4)
      unicode-emoji (~> 4.0, >= 4.0.4)
    unicode-emoji (4.0.4)
    uri (1.0.3)
    xpath (3.2.0)
      nokogiri (~> 1.8)
    zeitwerk (2.7.3)
    zxcvbn (1.0.0)

PLATFORMS
  x86_64-linux

DEPENDENCIES
  activesupport (~> 8.0)
  bcrypt
  capybara
  database_cleaner-sequel
  debug
  digest-xxhash
  dotenv
  dry-operation
  dry-types (~> 1.7)
  google-apis-admin_directory_v1
  hanami (~> 2.2)
  hanami-assets (~> 2.2)
  hanami-controller (~> 2.2)
  hanami-db (~> 2.2)
  hanami-reloader (~> 2.2)
  hanami-router (~> 2.2)
  hanami-rspec (~> 2.2)
  hanami-validations (~> 2.2)
  hanami-view (~> 2.2)
  hanami-webconsole (~> 2.2)
  hiredis
  i18n
  kramdown
  kramdown-parser-gfm
  net-ldap
  ostruct
  pg
  puma
  rack-test
  rake
  redis
  redis-rack
  rom-factory
  rubocop
  rubocop-capybara
  rubocop-rake
  rubocop-rspec
  ruby-lsp
  ruby-lsp-rspec
  slim
  smbhash
  zxcvbn

BUNDLED WITH
   2.5.23
